GEM
  remote: https://rubygems.org/
  specs:
    rack (~> 1.5.4)
    rack-protection (~>2.0.0)
      rack
    shotgun (0.9)
      rack (~> 1.5.4)
    sinatra (1.4.5)
      rack (~> 1.5.4)
      rack-protection (~>2.0.0)
      tilt (~> 1.3, >= 1.3.4)
    tilt (1.4.1)

PLATFORMS
  ruby

DEPENDENCIES
  shotgun
  sinatra
